GEM
  remote: http://rubygems.org/
  specs:
    hologram (1.2.0)
      redcarpet (>= 2.2, < 4.0)
      rouge (>= 1.5)
    redcarpet (3.1.2)
    rouge (1.6.1)

PLATFORMS
  ruby

DEPENDENCIES
  hologram (= 1.2.0)
